PATH
  remote: .
  specs:
    redstruct (0.2.3)
      connection_pool (~> 2.2)
      redis (>= 3.3.1, < 4)

GEM
  remote: https://rubygems.org/
  specs:
    ansi (1.5.0)
    ast (2.3.0)
    binding_of_caller (0.7.2)
      debug_inspector (>= 0.0.1)
    builder (3.2.3)
    byebug (9.0.5)
    coderay (1.1.1)
    connection_pool (2.2.1)
    debug_inspector (0.0.2)
    flexmock (2.3.4)
    hiredis (0.6.1)
    method_source (0.8.2)
    minitest (5.9.0)
    minitest-reporters (1.1.14)
      ansi
      builder
      minitest (>= 5.0)
      ruby-progressbar
    parallel (1.11.2)
    parser (2.4.0.0)
      ast (~> 2.2)
    powerpack (0.1.1)
    pry (0.10.4)
      coderay (~> 1.1.0)
      method_source (~> 0.8.1)
      slop (~> 3.4)
    pry-byebug (3.4.0)
      byebug (~> 9.0)
      pry (~> 0.10)
    pry-stack_explorer (0.4.9.2)
      binding_of_caller (>= 0.7)
      pry (>= 0.9.11)
    rainbow (2.2.2)
      rake
    rake (10.5.0)
    redis (3.3.3)
    rubocop (0.49.1)
      parallel (~> 1.10)
      parser (>= 2.3.3.1, < 3.0)
      powerpack (~> 0.1)
      rainbow (>= 1.99.1, < 3.0)
      ruby-progressbar (~> 1.7)
      unicode-display_width (~> 1.0, >= 1.0.1)
    rubocop-thread_safety (0.3.3)
      rubocop (>= 0.48.0)
    ruby-progressbar (1.8.1)
    slop (3.6.0)
    unicode-display_width (1.2.1)
    yard (0.9.5)

PLATFORMS
  ruby
  x64-mingw32

DEPENDENCIES
  bundler (~> 1.15)
  byebug
  flexmock
  hiredis
  minitest (~> 5)
  minitest-reporters
  pry
  pry-byebug
  pry-stack_explorer
  rake (~> 10)
  redstruct!
  rubocop (~> 0.49)
  rubocop-thread_safety (~> 0.3)
  yard

BUNDLED WITH
   1.15.1
