PATH
  remote: .
  specs:
    redstruct (0.2.0)
      connection_pool (~> 2.2)
      redis (>= 3.3.1, < 4)

GEM
  remote: https://rubygems.org/
  specs:
    binding_of_caller (0.7.2)
      debug_inspector (>= 0.0.1)
    byebug (9.0.5)
    coderay (1.1.1)
    connection_pool (2.2.1)
    debug_inspector (0.0.2)
    dotenv (2.1.1)
    flexmock (2.3.4)
    method_source (0.8.2)
    minitest (5.9.0)
    pry (0.10.4)
      coderay (~> 1.1.0)
      method_source (~> 0.8.1)
      slop (~> 3.4)
    pry-byebug (3.4.0)
      byebug (~> 9.0)
      pry (~> 0.10)
    pry-stack_explorer (0.4.9.2)
      binding_of_caller (>= 0.7)
      pry (>= 0.9.11)
    rake (10.5.0)
    redis (3.3.2)
    slop (3.6.0)
    yard (0.9.5)

PLATFORMS
  ruby
  x64-mingw32

DEPENDENCIES
  bundler (~> 1.13)
  byebug
  dotenv
  flexmock
  minitest (~> 5.1)
  pry
  pry-byebug
  pry-stack_explorer
  rake (~> 10.0)
  redstruct!
  yard

BUNDLED WITH
   1.13.7
